GEM
  remote: https://rubygems.org/
  specs:
    addressable (2.8.7)
      public_suffix (>= 2.0.2, < 7.0)
    colorize (0.8.1)
    launchy (2.5.2)
      addressable (~> 2.8)
    public_suffix (5.1.1)

PLATFORMS
  ruby

DEPENDENCIES
  colorize (~> 0.8.1)
  launchy (~> 2.4, >= 2.4.3)

BUNDLED WITH
   1.17.2
